PATH
  remote: .
  specs:
    mod-cons (0.1.1)

GEM
  remote: http://rubygems.org/
  specs:
    rake (0.8.7)
    rcov (0.9.9)
    rdoc (3.5.3)
    rspec (1.3.1)
    yard (0.6.5)

PLATFORMS
  ruby

DEPENDENCIES
  bundler
  mod-cons!
  rake (>= 0.8.7)
  rcov
  rdoc
  rspec
  yard
